GEM
  remote: http://rubygems.org/
  specs:
    RedCloth (4.2.3)
    dalli (1.0.3)
    diff-lcs (1.1.2)
    fakeweb (1.3.0)
    nokogiri (1.4.4)
    oauth (0.4.4)
    rack (1.2.1)
    rake (0.8.7)
    rspec (2.5.0)
      rspec-core (~> 2.5.0)
      rspec-expectations (~> 2.5.0)
      rspec-mocks (~> 2.5.0)
    rspec-core (2.5.1)
    rspec-expectations (2.5.0)
      diff-lcs (~> 1.1.2)
    rspec-mocks (2.5.0)
    simplecov (0.4.1)
      simplecov-html (~> 0.4.3)
    simplecov-html (0.4.3)
    sinatra (1.2.0)
      rack (~> 1.1)
      tilt (>= 1.2.2, < 2.0)
    tilt (1.2.2)

PLATFORMS
  ruby

DEPENDENCIES
  RedCloth (= 4.2.3)
  dalli (>= 1.0.2)
  fakeweb
  nokogiri (>= 1.4.4)
  oauth (>= 0.4.4)
  rake
  rspec
  simplecov (>= 0.4.0)
  sinatra
